GEM
  remote: https://rubygems.org/
  specs:
    chunky_png (1.3.14)
    multi_json (1.15.0)
    mustermann (2.0.2)
      ruby2_keywords (~> 0.0.1)
    rack (2.2.4)
    rack-protection (2.2.3)
      rack
    rqrcode (0.10.1)
      chunky_png (~> 1.0)
    ruby2_keywords (0.0.5)
    sinatra (2.2.3)
      mustermann (~> 2.0)
      rack (~> 2.2)
      rack-protection (= 2.2.3)
      tilt (~> 2.0)
    sinatra-contrib (2.2.3)
      multi_json
      mustermann (~> 2.0)
      rack-protection (= 2.2.3)
      sinatra (= 2.2.3)
      tilt (~> 2.0)
    slim (4.1.0)
      temple (>= 0.7.6, < 0.9)
      tilt (>= 2.0.6, < 2.1)
    temple (0.8.2)
    tilt (2.0.11)

PLATFORMS
  ruby

DEPENDENCIES
  rqrcode
  sinatra
  sinatra-contrib
  slim

BUNDLED WITH
   2.2.0.rc.2
