GEM
  remote: https://rubygems.org/
  specs:
    backports (3.8.0)
    chunky_png (1.3.8)
    multi_json (1.12.1)
    mustermann (1.0.0)
    rack (2.0.1)
    rack-protection (2.0.0.rc2)
      rack
    rqrcode (0.10.1)
      chunky_png (~> 1.0)
    sinatra (2.0.0.rc2)
      mustermann (= 1.0.0)
      rack (~> 2.0)
      rack-protection (= 2.0.0.rc2)
      tilt (~> 2.0)
    sinatra-contrib (2.0.0.rc2)
      backports (>= 2.0)
      multi_json
      mustermann (= 1.0.0)
      rack-protection (= 2.0.0.rc2)
      sinatra (= 2.0.0.rc2)
      tilt (>= 1.3, < 3)
    slim (3.0.7)
      temple (~> 0.7.6)
      tilt (>= 1.3.3, < 2.1)
    temple (0.7.7)
    tilt (2.0.7)

PLATFORMS
  ruby

DEPENDENCIES
  rqrcode
  sinatra (= 2.0.0.rc2)
  sinatra-contrib (= 2.0.0.rc2)
  slim

BUNDLED WITH
   1.14.6
